GEM
  remote: https://rubygems.org/
  specs:
    erubis (2.7.0)
    minitest (5.0.7)
    rake (10.1.0)

PLATFORMS
  ruby

DEPENDENCIES
  erubis
  minitest
  rake
